PATH
  remote: .
  specs:
    bitmap_editor (0.1.0)

GEM
  remote: https://rubygems.org/
  specs:
    byebug (9.1.0)
    diff-lcs (1.3)
    rake (13.0.1)
    rspec (3.9.0)
      rspec-core (~> 3.9.0)
      rspec-expectations (~> 3.9.0)
      rspec-mocks (~> 3.9.0)
    rspec-core (3.9.0)
      rspec-support (~> 3.9.0)
    rspec-expectations (3.9.0)
      diff-lcs (>= 1.2.0, < 2.0)
      rspec-support (~> 3.9.0)
    rspec-mocks (3.9.0)
      diff-lcs (>= 1.2.0, < 2.0)
      rspec-support (~> 3.9.0)
    rspec-support (3.9.0)

PLATFORMS
  ruby

DEPENDENCIES
  bitmap_editor!
  bundler (~> 2.0)
  byebug (~> 9.0, >= 9.0.6)
  rake (~> 13.0)
  rspec (~> 3.0)

RUBY VERSION
   ruby 2.6.3p62

BUNDLED WITH
   2.0.1
